GEM
  remote: http://rubygems.org/
  specs:
    activesupport (3.1.1)
      multi_json (~> 1.0)
    bluecloth (2.2.0)
    builder (3.0.0)
    cucumber (1.1.1)
      builder (>= 2.1.2)
      diff-lcs (>= 1.1.2)
      gherkin (~> 2.6.0)
      json (>= 1.4.6)
      term-ansicolor (>= 1.0.6)
    diff-lcs (1.1.3)
    gherkin (2.6.2)
      json (>= 1.4.6)
    git (1.2.5)
    json (1.6.1)
    metaclass (0.0.1)
    mocha (0.10.0)
      metaclass (~> 0.0.1)
    multi_json (1.0.3)
    rcov (0.9.11)
    redgreen (1.2.2)
    rr (1.0.4)
    shoulda (2.11.3)
    term-ansicolor (1.0.7)
    test-construct (1.2.0)
    timecop (0.3.5)
    yard (0.7.3)

PLATFORMS
  ruby

DEPENDENCIES
  activesupport (~> 3)
  bluecloth
  cucumber
  git (>= 1.2.5)
  mocha
  rcov
  redgreen
  rr
  shoulda
  test-construct
  timecop
  yard
